GIT
  remote: git://github.com/lengarvey/redcarpet.git
  revision: 5c3b767464b573555a4eb80fe08b77f60e0cbbf8
  specs:
    redcarpet (1.14.1)

GEM
  remote: http://rubygems.org/
  specs:
    builder (3.0.0)
    daemons (1.1.9)
    eventmachine (1.0.0)
    haml (3.1.6)
    rack (1.4.1)
    rake (0.9.2.2)
    thin (1.5.0)
      daemons (>= 1.0.9)
      eventmachine (>= 0.12.6)
      rack (>= 1.0.0)

PLATFORMS
  ruby

DEPENDENCIES
  builder
  haml
  rack
  rake
  redcarpet!
  thin
