GEM
  remote: https://rubygems.org/
  specs:
    builder (3.0.0)
    daemons (1.1.9)
    eventmachine (1.0.0)
    haml (3.1.6)
    rack (2.1.4)
    rake (0.9.2.2)
    redcarpet (2.2.2)
    rouge (0.3.4)
      thor
    thin (1.5.0)
      daemons (>= 1.0.9)
      eventmachine (>= 0.12.6)
      rack (>= 1.0.0)
    thor (0.18.1)

PLATFORMS
  ruby

DEPENDENCIES
  builder
  haml
  rack
  rake
  redcarpet
  rouge
  thin
